PATH
  remote: .
  specs:
    active_merchant_clone (0.1.0)
      minitest (~> 5.8)
      minitest-reporters (= 1.5.0)

GEM
  remote: https://rubygems.org/
  specs:
    ansi (1.5.0)
    builder (3.2.4)
    minitest (5.15.0)
    minitest-reporters (1.5.0)
      ansi
      builder
      minitest (>= 5.0)
      ruby-progressbar
    rake (13.0.6)
    ruby-progressbar (1.11.0)

PLATFORMS
  x86_64-darwin-19

DEPENDENCIES
  active_merchant_clone!
  rake (~> 13.0)

BUNDLED WITH
   2.2.16
